GIT
  remote: https://github.com/HomeBusProjects/ruby-homebus
  revision: c231072e715e142c3cd17fd25d42ecd04b0a3397
  branch: main
  specs:
    homebus (0.40.1)
      paho-mqtt (~> 1.0.12)

PATH
  remote: .
  specs:
    homebus-network-latency (0.0.1)

GEM
  remote: https://rubygems.org/
  specs:
    bump (0.10.0)
    diff-lcs (1.5.0)
    dotenv (2.8.1)
    net-ping (2.0.8)
    paho-mqtt (1.0.12)
    rspec (3.12.0)
      rspec-core (~> 3.12.0)
      rspec-expectations (~> 3.12.0)
      rspec-mocks (~> 3.12.0)
    rspec-core (3.12.0)
      rspec-support (~> 3.12.0)
    rspec-expectations (3.12.0)
      diff-lcs (>= 1.2.0, < 2.0)
      rspec-support (~> 3.12.0)
    rspec-mocks (3.12.0)
      diff-lcs (>= 1.2.0, < 2.0)
      rspec-support (~> 3.12.0)
    rspec-support (3.12.0)

PLATFORMS
  arm64-darwin-21

DEPENDENCIES
  bump
  dotenv
  homebus!
  homebus-network-latency!
  net-ping
  rspec

BUNDLED WITH
   2.3.25
